GEM
  remote: http://www.rubygems.org/
  specs:
    aws-flow (2.0.2)
      aws-sdk-v1 (~> 1, >= 1.39.0)
    aws-sdk (1.54.0)
      aws-sdk-v1 (= 1.54.0)
    aws-sdk-v1 (1.54.0)
      json (~> 1.4)
      nokogiri (>= 1.4.4)
    json (1.8.1)
    mime-types (2.3)
    mini_portile (0.6.0)
    netrc (0.7.7)
    nokogiri (1.6.3.1)
      mini_portile (= 0.6.0)
    rest-client (1.7.2)
      mime-types (>= 1.16, < 3.0)
      netrc (~> 0.7)

PLATFORMS
  ruby

DEPENDENCIES
  aws-flow (~> 2, >= 2.0.1)
  aws-sdk
  rest-client
